GEM
  remote: https://rubygems.org/
  specs:
    delegate (0.3.0)
    digest (3.1.1)
    english (0.7.2)
    ffi (1.15.5-x64-mingw-ucrt)
    fileutils (1.7.0)
    forwardable (1.3.3)
    listen (3.7.1)
      rb-fsevent (~> 0.10, >= 0.10.3)
      rb-inotify (~> 0.9, >= 0.9.10)
    logger (1.5.3)
    open3 (0.1.2)
    parallel (1.22.1)
    pathname (0.2.1)
    psych (4.0.6)
      stringio
    rb-fsevent (0.11.2)
    rb-inotify (0.10.1)
      ffi (~> 1.0)
    rubyzip (2.3.2)
    set (1.0.3)
    singleton (0.1.1)
    stringio (3.0.4)
    strscan (3.0.5)
    tempfile (0.1.3)
    timeout (0.3.1)
    tmpdir (0.1.3)
      fileutils
    wdm (0.1.1)
    weakref (0.1.2)
      delegate
    win32ole (1.8.9)
    yaml (0.2.1)
    zlib (3.0.0)

PLATFORMS
  x64-mingw-ucrt

DEPENDENCIES
  delegate
  digest
  english
  fileutils
  forwardable
  listen
  logger
  open3
  parallel
  pathname
  psych (~> 4.0)
  rubyzip (~> 2.3.0)
  set
  singleton
  stringio
  strscan
  tempfile
  timeout
  tmpdir
  wdm
  weakref
  win32ole
  yaml
  zlib

BUNDLED WITH
   2.3.26
